GEM
  remote: https://rubygems.org/
  specs:
    addressable (2.5.0)
      public_suffix (~> 2.0, >= 2.0.2)
    ansi (1.5.0)
    builder (3.2.2)
    faraday (0.9.2)
      multipart-post (>= 1.2, < 3)
    minitest (5.9.1)
    minitest-reporters (1.1.12)
      ansi
      builder
      minitest (>= 5.0)
      ruby-progressbar
    multipart-post (2.0.0)
    octokit (4.6.0)
      sawyer (~> 0.8.0, >= 0.5.3)
    public_suffix (2.0.4)
    rack (1.6.5)
    rack-protection (1.5.3)
      rack
    rack-test (0.6.3)
      rack (>= 1.0)
    ruby-progressbar (1.8.1)
    sawyer (0.8.0)
      addressable (>= 2.3.5, < 2.6)
      faraday (~> 0.8, < 0.10)
    sinatra (1.4.7)
      rack (~> 1.5)
      rack-protection (~> 1.4)
      tilt (>= 1.3, < 3)
    tilt (2.0.5)

PLATFORMS
  ruby

DEPENDENCIES
  minitest
  minitest-reporters
  octokit (~> 4.0)
  rack-test
  sinatra

BUNDLED WITH
   1.13.6
